GEM
  remote: https://rubygems.org/
  specs:
    activesupport (5.1.3)
      concurrent-ruby (~> 1.0, >= 1.0.2)
      i18n (~> 0.7)
      minitest (~> 5.1)
      tzinfo (~> 1.1)
    ast (2.3.0)
    builder (3.2.3)
    colorize (0.7.7)
    concurrent-ruby (1.0.5)
    cucumber (2.2.0)
      builder (>= 2.1.2)
      cucumber-core (~> 1.3.0)
      cucumber-wire (~> 0.0.1)
      diff-lcs (>= 1.1.3)
      event-bus (~> 0.1.0)
      gherkin3 (~> 3.1.0)
      multi_json (>= 1.7.5, < 2.0)
      multi_test (>= 0.1.2)
    cucumber-core (1.3.1)
      gherkin3 (~> 3.1.0)
    cucumber-wire (0.0.1)
    cucumber_lint (0.1.2)
      colorize (~> 0.7.7)
      gherkin (~> 2.12.2)
      multi_json (~> 1.11.2)
    diff-lcs (1.3)
    event-bus (0.1.0)
    gherkin (2.12.2)
      multi_json (~> 1.3)
    gherkin3 (3.1.2)
    i18n (0.8.6)
    kappamaki (1.0.0)
    minitest (5.10.3)
    mortadella (1.1.0)
    multi_json (1.11.3)
    multi_test (0.1.2)
    open4 (1.3.4)
    parallel (1.12.0)
    parallel_tests (2.14.2)
      parallel
    parser (2.4.0.0)
      ast (~> 2.2)
    powerpack (0.1.1)
    rainbow (2.2.2)
      rake
    rake (12.0.0)
    rspec (3.6.0)
      rspec-core (~> 3.6.0)
      rspec-expectations (~> 3.6.0)
      rspec-mocks (~> 3.6.0)
    rspec-core (3.6.0)
      rspec-support (~> 3.6.0)
    rspec-expectations (3.6.0)
      diff-lcs (>= 1.2.0, < 2.0)
      rspec-support (~> 3.6.0)
    rspec-mocks (3.6.0)
      diff-lcs (>= 1.2.0, < 2.0)
      rspec-support (~> 3.6.0)
    rspec-support (3.6.0)
    rubocop (0.49.1)
      parallel (~> 1.10)
      parser (>= 2.3.3.1, < 3.0)
      powerpack (~> 0.1)
      rainbow (>= 1.99.1, < 3.0)
      ruby-progressbar (~> 1.7)
      unicode-display_width (~> 1.0, >= 1.0.1)
    ruby-progressbar (1.8.1)
    thread_safe (0.3.6)
    tzinfo (1.2.3)
      thread_safe (~> 0.1)
    unicode-display_width (1.3.0)

PLATFORMS
  ruby

DEPENDENCIES
  activesupport
  cucumber (~> 2.2.0)
  cucumber_lint (= 0.1.2)
  kappamaki
  mortadella
  open4
  parallel_tests
  rspec
  rubocop

RUBY VERSION
   ruby 2.4.1p111

BUNDLED WITH
   1.15.3
